PATH
  remote: .
  specs:
    srx-polish (0.2.1)
      term-ansicolor (~> 1.0, >= 1.0.5)

GEM
  remote: https://rubygems.org/
  specs:
    term-ansicolor (1.2.2)
      tins (~> 0.8)
    tins (0.13.1)

PLATFORMS
  ruby

DEPENDENCIES
  srx-polish!
